GEM
  remote: https://rubygems.org/
  specs:
    json (2.0.2)
    rack (1.6.5)
    rack-protection (1.5.3)
      rack
    sinatra (1.4.7)
      rack (~> 1.5)
      rack-protection (~> 1.4)
      tilt (>= 1.3, < 3)
    thrift (0.9.3.0)
    tilt (2.0.5)

PLATFORMS
  ruby

DEPENDENCIES
  json (>= 1.8.3)
  rack (< 2.0)
  sinatra
  thrift (= 0.9.3.0)

BUNDLED WITH
   1.13.6
